GEM
  remote: https://rubygems.org/
  remote: https://rails-assets.org/
  specs:
    actioncable (5.0.7)
      actionpack (= 5.0.7)
      nio4r (>= 1.2, < 3.0)
      websocket-driver (~> 0.6.1)
    actionmailer (5.0.7)
      actionpack (= 5.0.7)
      actionview (= 5.0.7)
      activejob (= 5.0.7)
      mail (~> 2.5, >= 2.5.4)
      rails-dom-testing (~> 2.0)
    actionpack (5.0.7)
      actionview (= 5.0.7)
      activesupport (= 5.0.7)
      rack (~> 2.0)
      rack-test (~> 0.6.3)
      rails-dom-testing (~> 2.0)
      rails-html-sanitizer (~> 1.0, >= 1.0.2)
    actionview (5.0.7)
      activesupport (= 5.0.7)
      builder (~> 3.1)
      erubis (~> 2.7.0)
      rails-dom-testing (~> 2.0)
      rails-html-sanitizer (~> 1.0, >= 1.0.3)
    activejob (5.0.7)
      activesupport (= 5.0.7)
      globalid (>= 0.3.6)
    activemodel (5.0.7)
      activesupport (= 5.0.7)
    activerecord (5.0.7)
      activemodel (= 5.0.7)
      activesupport (= 5.0.7)
      arel (~> 7.0)
    activesupport (5.0.7)
      concurrent-ruby (~> 1.0, >= 1.0.2)
      i18n (>= 0.7, < 2)
      minitest (~> 5.1)
      tzinfo (~> 1.1)
    addressable (2.5.2)
      public_suffix (>= 2.0.2, < 4.0)
    arel (7.1.4)
    assert_difference (1.0.0)
      activesupport (>= 3.0.0)
    ast (2.4.0)
    autoprefixer-rails (8.6.4)
      execjs
    bcrypt (3.1.12)
    better_errors (2.4.0)
      coderay (>= 1.0.0)
      erubi (>= 1.0.0)
      rack (>= 0.9.0)
    binding_of_caller (0.8.0)
      debug_inspector (>= 0.0.1)
    bourbon (5.0.1)
      sass (~> 3.4)
      thor (~> 0.19)
    builder (3.2.3)
    byebug (10.0.2)
    cancancan (2.2.0)
    childprocess (0.9.0)
      ffi (~> 1.0, >= 1.0.11)
    ckeditor (4.2.4)
      cocaine
      orm_adapter (~> 0.5.0)
    climate_control (0.2.0)
    cocaine (0.5.8)
      climate_control (>= 0.0.3, < 1.0)
    codeclimate-test-reporter (1.0.8)
      simplecov (<= 0.13)
    coderay (1.1.2)
    coffee-rails (4.1.1)
      coffee-script (>= 2.2.0)
      railties (>= 4.0.0, < 5.1.x)
    coffee-script (2.4.1)
      coffee-script-source
      execjs
    coffee-script-source (1.12.2)
    concurrent-ruby (1.0.5)
    coveralls (0.7.1)
      multi_json (~> 1.3)
      rest-client
      simplecov (>= 0.7)
      term-ansicolor
      thor
    crass (1.0.4)
    database_cleaner (1.7.0)
    debug_inspector (0.0.3)
    devise (4.4.3)
      bcrypt (~> 3.0)
      orm_adapter (~> 0.1)
      railties (>= 4.1.0, < 6.0)
      responders
      warden (~> 1.2.3)
    diff-lcs (1.3)
    docile (1.1.5)
    domain_name (0.5.20180417)
      unf (>= 0.0.5, < 1.0.0)
    erubi (1.7.1)
    erubis (2.7.0)
    execjs (2.7.0)
    factory_girl (4.9.0)
      activesupport (>= 3.0.0)
    factory_girl_rails (4.9.0)
      factory_girl (~> 4.9.0)
      railties (>= 3.0.0)
    faker (1.8.7)
      i18n (>= 0.7)
    ffaker (2.9.0)
    ffi (1.9.25)
    font-awesome-sass (4.7.0)
      sass (>= 3.2)
    formatador (0.2.5)
    fuubar (2.3.1)
      rspec-core (~> 3.0)
      ruby-progressbar (~> 1.4)
    globalid (0.4.1)
      activesupport (>= 4.2.0)
    guard (2.14.2)
      formatador (>= 0.2.4)
      listen (>= 2.7, < 4.0)
      lumberjack (>= 1.0.12, < 2.0)
      nenv (~> 0.1)
      notiffany (~> 0.0)
      pry (>= 0.9.12)
      shellany (~> 0.0)
      thor (>= 0.18.1)
    guard-compat (1.2.1)
    guard-rspec (4.7.3)
      guard (~> 2.1)
      guard-compat (~> 1.1)
      rspec (>= 2.99.0, < 4.0)
    guard-rubocop (1.3.0)
      guard (~> 2.0)
      rubocop (~> 0.20)
    guard-spring (1.1.1)
      guard (~> 2.0)
      guard-compat (~> 1.1)
      spring
    http-cookie (1.0.3)
      domain_name (~> 0.5)
    i18n (1.0.1)
      concurrent-ruby (~> 1.0)
    inch (0.8.0)
      pry
      sparkr (>= 0.2.0)
      term-ansicolor
      yard (~> 0.9.12)
    iniparse (1.4.4)
    jbuilder (2.7.0)
      activesupport (>= 4.2.0)
      multi_json (>= 1.2)
    jquery-rails (4.3.3)
      rails-dom-testing (>= 1, < 3)
      railties (>= 4.2.0)
      thor (>= 0.14, < 2.0)
    js-routes (1.4.4)
      railties (>= 3.2)
      sprockets-rails
    json (2.1.0)
    json-schema (2.8.0)
      addressable (>= 2.4)
    knapsack_pro (0.55.0)
      rake
    listen (3.1.5)
      rb-fsevent (~> 0.9, >= 0.9.4)
      rb-inotify (~> 0.9, >= 0.9.7)
      ruby_dep (~> 1.2)
    loofah (2.2.2)
      crass (~> 1.0.2)
      nokogiri (>= 1.5.9)
    lumberjack (1.0.13)
    magic_lamp (1.8.1)
      method_source
      rails (>= 4.0.0)
      rake
    mail (2.7.0)
      mini_mime (>= 0.1.1)
    materialize-sass (0.100.2)
      sass (~> 3.3)
    metaclass (0.0.4)
    method_source (0.9.0)
    mime-types (3.1)
      mime-types-data (~> 3.2015)
    mime-types-data (3.2016.0521)
    mimemagic (0.3.2)
    mini_mime (1.0.0)
    mini_portile2 (2.3.0)
    minitest (5.11.3)
    mocha (1.5.0)
      metaclass (~> 0.0.1)
    multi_json (1.13.1)
    neat (3.0.0)
      sass (~> 3.4)
      thor (~> 0.19)
    nenv (0.3.0)
    netrc (0.11.0)
    ng-rails-csrf (0.1.0)
    nio4r (2.3.1)
    nokogiri (1.8.4)
      mini_portile2 (~> 2.3.0)
    notiffany (0.1.1)
      nenv (~> 0.1)
      shellany (~> 0.0)
    orm_adapter (0.5.0)
    overcommit (0.45.0)
      childprocess (~> 0.6, >= 0.6.3)
      iniparse (~> 1.4)
    paper_trail (9.2.0)
      activerecord (>= 4.2, < 5.3)
      paper_trail-association_tracking (< 2)
      request_store (~> 1.1)
    paper_trail-association_tracking (1.0.0)
    paperclip (5.2.1)
      activemodel (>= 4.2.0)
      activesupport (>= 4.2.0)
      cocaine (~> 0.5.5)
      mime-types
      mimemagic (~> 0.3.0)
    parallel (1.12.1)
    parser (2.5.1.0)
      ast (~> 2.4.0)
    pg (0.21.0)
    powerpack (0.1.2)
    pry (0.11.3)
      coderay (~> 1.1.0)
      method_source (~> 0.9.0)
    public_suffix (3.0.2)
    puma (3.11.4)
    rack (2.0.5)
    rack-test (0.6.3)
      rack (>= 1.0)
    rails (5.0.7)
      actioncable (= 5.0.7)
      actionmailer (= 5.0.7)
      actionpack (= 5.0.7)
      actionview (= 5.0.7)
      activejob (= 5.0.7)
      activemodel (= 5.0.7)
      activerecord (= 5.0.7)
      activesupport (= 5.0.7)
      bundler (>= 1.3.0)
      railties (= 5.0.7)
      sprockets-rails (>= 2.0.0)
    rails-assets-angular (1.7.0)
    rails-assets-angular-animate (1.7.0)
      rails-assets-angular (= 1.7.0)
    rails-assets-angular-aria (1.7.0)
      rails-assets-angular (= 1.7.0)
    rails-assets-angular-cookies (1.7.0)
      rails-assets-angular (= 1.7.0)
    rails-assets-angular-file-model (0.3.1)
      rails-assets-angular (>= 1.3)
    rails-assets-angular-file-upload (2.5.0)
      rails-assets-angular (>= 1.1.5, < 2)
    rails-assets-angular-filter (0.5.17)
      rails-assets-angular (>= 1.4.3)
    rails-assets-angular-material (1.1.0.rc4)
      rails-assets-angular (>= 1.4.8, < 2)
      rails-assets-angular-animate (>= 1.4.8, < 2)
      rails-assets-angular-aria (>= 1.4.8, < 2)
      rails-assets-angular-messages (>= 1.4.8, < 2)
    rails-assets-angular-messages (1.7.0)
      rails-assets-angular (= 1.7.0)
    rails-assets-angular-moment (0.2.0)
      rails-assets-angular (~> 1.0)
      rails-assets-moment (~> 2.1.0)
    rails-assets-angular-resource (1.7.0)
      rails-assets-angular (= 1.7.0)
    rails-assets-angular-route (1.7.0)
      rails-assets-angular (= 1.7.0)
    rails-assets-angular-sanitize (1.7.0)
      rails-assets-angular (= 1.7.0)
    rails-assets-angular-translate (2.18.1)
      rails-assets-angular (>= 1.2.26, < 1.8)
    rails-assets-angular-translate-loader-partial (2.18.1)
      rails-assets-angular-translate (~> 2.18.1)
    rails-assets-angular-translate-loader-static-files (2.18.1)
      rails-assets-angular-translate (~> 2.18.1)
    rails-assets-angular-translate-storage-cookie (2.18.1)
      rails-assets-angular-cookies (>= 1.2.26, < 1.8)
      rails-assets-angular-translate (~> 2.18.1)
    rails-assets-angular-translate-storage-local (2.18.1)
      rails-assets-angular-translate (~> 2.18.1)
      rails-assets-angular-translate-storage-cookie (~> 2.18.1)
    rails-assets-angular-ui-router (1.0.18)
      rails-assets-angular (>= 1.2.0)
    rails-assets-angularjs-viewhead (0.0.1)
    rails-assets-chai (4.1.2)
    rails-assets-chai-jquery (2.0.1)
    rails-assets-classlist (2014.12.13)
    rails-assets-fastclick (1.0.6)
    rails-assets-fetch (2.0.4)
    rails-assets-history.js (1.8.0)
    rails-assets-html5shiv (3.7.3)
    rails-assets-include-fragment-element (4.1.1)
    rails-assets-ionicons (4.2.4)
    rails-assets-jScrollPane (2.2.0)
      rails-assets-jquery
    rails-assets-jquery (3.3.1)
    rails-assets-jquery.browser (0.1.0)
      rails-assets-jquery (>= 1.5)
    rails-assets-jquery.scrollTo (2.1.2)
      rails-assets-jquery (>= 1.8)
    rails-assets-moment (2.1.0)
    rails-assets-ngDraggable (0.1.11)
      rails-assets-angular
    rails-assets-observe-js (0.5.7)
    rails-assets-requestAnimationFrame (0.0.23)
    rails-assets-respond (1.4.2)
    rails-assets-selector-set (1.1.2)
    rails-assets-setimmediate (1.0.1)
    rails-assets-string (3.3.3)
    rails-assets-velocity (2.0.4)
    rails-assets-waypoints (4.0.1)
    rails-assets-webcomponentsjs (2.0.0.0)
    rails-dom-testing (2.0.3)
      activesupport (>= 4.2.0)
      nokogiri (>= 1.6)
    rails-html-sanitizer (1.0.4)
      loofah (~> 2.2, >= 2.2.2)
    railties (5.0.7)
      actionpack (= 5.0.7)
      activesupport (= 5.0.7)
      method_source
      rake (>= 0.8.7)
      thor (>= 0.18.1, < 2.0)
    rainbow (2.2.2)
      rake
    rake (12.3.1)
    rb-fsevent (0.10.3)
    rb-inotify (0.9.10)
      ffi (>= 0.5.0, < 2)
    request_store (1.4.1)
      rack (>= 1.4)
    responders (2.4.0)
      actionpack (>= 4.2.0, < 5.3)
      railties (>= 4.2.0, < 5.3)
    rest-client (2.0.2)
      http-cookie (>= 1.0.2, < 2.0)
      mime-types (>= 1.16, < 4.0)
      netrc (~> 0.8)
    rspec (3.7.0)
      rspec-core (~> 3.7.0)
      rspec-expectations (~> 3.7.0)
      rspec-mocks (~> 3.7.0)
    rspec-activejob (0.6.1)
      activejob (>= 4.2)
      rspec-mocks
    rspec-core (3.7.1)
      rspec-support (~> 3.7.0)
    rspec-expectations (3.7.0)
      diff-lcs (>= 1.2.0, < 2.0)
      rspec-support (~> 3.7.0)
    rspec-mocks (3.7.0)
      diff-lcs (>= 1.2.0, < 2.0)
      rspec-support (~> 3.7.0)
    rspec-rails (3.7.2)
      actionpack (>= 3.0)
      activesupport (>= 3.0)
      railties (>= 3.0)
      rspec-core (~> 3.7.0)
      rspec-expectations (~> 3.7.0)
      rspec-mocks (~> 3.7.0)
      rspec-support (~> 3.7.0)
    rspec-support (3.7.1)
    rubocop (0.49.1)
      parallel (~> 1.10)
      parser (>= 2.3.3.1, < 3.0)
      powerpack (~> 0.1)
      rainbow (>= 1.99.1, < 3.0)
      ruby-progressbar (~> 1.7)
      unicode-display_width (~> 1.0, >= 1.0.1)
    ruby-progressbar (1.9.0)
    ruby_dep (1.5.0)
    rubyzip (1.2.1)
    sass (3.5.6)
      sass-listen (~> 4.0.0)
    sass-listen (4.0.0)
      rb-fsevent (~> 0.9, >= 0.9.4)
      rb-inotify (~> 0.9, >= 0.9.7)
    sass-rails (5.0.7)
      railties (>= 4.0.0, < 6)
      sass (~> 3.1)
      sprockets (>= 2.8, < 4.0)
      sprockets-rails (>= 2.0, < 4.0)
      tilt (>= 1.1, < 3)
    scss_lint (0.57.0)
      rake (>= 0.9, < 13)
      sass (~> 3.5.5)
    selenium-webdriver (3.13.0)
      childprocess (~> 0.5)
      rubyzip (~> 1.2)
    shellany (0.0.1)
    shoulda-callback-matchers (1.1.4)
      activesupport (>= 3)
    shoulda-matchers (3.1.2)
      activesupport (>= 4.0.0)
    simplecov (0.13.0)
      docile (~> 1.1.0)
      json (>= 1.8, < 3)
      simplecov-html (~> 0.10.0)
    simplecov-html (0.10.2)
    slim (3.0.9)
      temple (>= 0.7.6, < 0.9)
      tilt (>= 1.3.3, < 2.1)
    slim-rails (3.1.3)
      actionpack (>= 3.1)
      railties (>= 3.1)
      slim (~> 3.0)
    slim_lint (0.13.0)
      rake (>= 10, < 13)
      rubocop (>= 0.49.0)
      slim (~> 3.0)
      sysexits (~> 1.1)
    sparkr (0.4.1)
    spring (2.0.2)
      activesupport (>= 4.2)
    spring-commands-rspec (1.0.4)
      spring (>= 0.9.1)
    sprockets (3.7.2)
      concurrent-ruby (~> 1.0)
      rack (> 1, < 3)
    sprockets-rails (3.2.1)
      actionpack (>= 4.0)
      activesupport (>= 4.0)
      sprockets (>= 3.0.0)
    sysexits (1.2.0)
    teaspoon (1.1.5)
      railties (>= 3.2.5, < 6)
    teaspoon-mocha (2.3.3)
      teaspoon (>= 1.0.0)
    temple (0.8.0)
    term-ansicolor (1.6.0)
      tins (~> 1.0)
    thor (0.20.0)
    thread_safe (0.3.6)
    tilt (2.0.8)
    tins (1.16.3)
    turbolinks (5.1.1)
      turbolinks-source (~> 5.1)
    turbolinks-source (5.1.0)
    tzinfo (1.2.5)
      thread_safe (~> 0.1)
    uglifier (2.5.3)
      execjs (>= 0.3.0)
      json (>= 1.8.0)
    unf (0.1.4)
      unf_ext
    unf_ext (0.0.7.5)
    unicode-display_width (1.4.0)
    warden (1.2.7)
      rack (>= 1.0)
    websocket-driver (0.6.5)
      websocket-extensions (>= 0.1.0)
    websocket-extensions (0.1.3)
    yard (0.9.14)
    zeroclipboard-rails (0.1.2)
      railties (>= 3.1)

PLATFORMS
  ruby

DEPENDENCIES
  assert_difference
  autoprefixer-rails
  better_errors
  binding_of_caller
  bourbon
  byebug
  cancancan
  ckeditor
  codeclimate-test-reporter
  coffee-rails (~> 4.1.0)
  coveralls
  database_cleaner
  devise
  factory_girl_rails
  faker
  ffaker
  font-awesome-sass (~> 4.5)
  fuubar
  guard
  guard-rspec
  guard-rubocop
  guard-spring
  inch
  jbuilder (~> 2.5)
  jquery-rails
  js-routes
  json-schema
  knapsack_pro
  loofah (~> 2.2.1)
  magic_lamp
  materialize-sass
  mocha
  neat
  ng-rails-csrf
  nokogiri (~> 1.8.2)
  overcommit
  paper_trail
  paperclip (~> 5.2.0)
  pg (~> 0.21.0)
  puma (~> 3.0)
  rails (~> 5.0.0)
  rails-assets-angular!
  rails-assets-angular-animate!
  rails-assets-angular-aria!
  rails-assets-angular-cookies!
  rails-assets-angular-file-model!
  rails-assets-angular-file-upload!
  rails-assets-angular-filter!
  rails-assets-angular-material (= 1.1.0rc4)!
  rails-assets-angular-messages!
  rails-assets-angular-moment!
  rails-assets-angular-resource!
  rails-assets-angular-route!
  rails-assets-angular-sanitize!
  rails-assets-angular-translate!
  rails-assets-angular-translate-loader-partial!
  rails-assets-angular-translate-loader-static-files!
  rails-assets-angular-translate-storage-cookie!
  rails-assets-angular-translate-storage-local!
  rails-assets-angular-ui-router!
  rails-assets-angularjs-viewhead!
  rails-assets-chai!
  rails-assets-chai-jquery!
  rails-assets-classlist!
  rails-assets-fastclick!
  rails-assets-fetch!
  rails-assets-history.js!
  rails-assets-html5shiv!
  rails-assets-include-fragment-element!
  rails-assets-ionicons!
  rails-assets-jScrollPane!
  rails-assets-jquery!
  rails-assets-jquery.browser!
  rails-assets-jquery.scrollTo!
  rails-assets-moment!
  rails-assets-ngDraggable!
  rails-assets-observe-js!
  rails-assets-requestAnimationFrame!
  rails-assets-respond!
  rails-assets-selector-set!
  rails-assets-setimmediate!
  rails-assets-string!
  rails-assets-velocity!
  rails-assets-waypoints!
  rails-assets-webcomponentsjs!
  rails-html-sanitizer (~> 1.0.4)
  rspec-activejob
  rspec-rails
  rubocop (~> 0.49.0)
  rubyzip (~> 1.2.1)
  sass-rails (~> 5.0.0.beta1)
  scss_lint
  selenium-webdriver
  shoulda-callback-matchers
  shoulda-matchers (~> 3.0)
  simplecov
  slim-rails
  slim_lint
  spring
  spring-commands-rspec
  sprockets (~> 3.7.2)
  teaspoon-mocha
  turbolinks (~> 5)
  tzinfo-data
  uglifier (~> 2.5.3)
  yard (~> 0.9.11)
  zeroclipboard-rails

BUNDLED WITH
   1.16.2
